GIT
  remote: https://github.com/sinatra/sinatra.git
  revision: 32d683317790180d19ff5974aea2dd277e37724f
  specs:
    rack-protection (2.0.7)
      rack
    sinatra (2.0.7)
      mustermann (~> 1.0)
      rack (~> 2.0)
      rack-protection (= 2.0.7)
      tilt (~> 2.0)

GEM
  remote: https://rubygems.org/
  specs:
    mustermann (1.0.3)
    rack (2.0.7)
    tilt (2.0.9)

PLATFORMS
  ruby

DEPENDENCIES
  sinatra!

BUNDLED WITH
   2.0.2
